PATH
  remote: .
  specs:
    rack-ssl-enforcer (0.1.8)

GEM
  remote: http://rubygems.org/
  specs:
    rack (1.2.1)
    rack-test (0.5.6)
      rack (>= 1.0)
    shoulda (2.11.3)

PLATFORMS
  ruby

DEPENDENCIES
  bundler (~> 1.0.0)
  rack (~> 1.2.0)
  rack-ssl-enforcer!
  rack-test (~> 0.5.4)
  shoulda (~> 2.11.3)
